PATH
  remote: .
  specs:
    idy (1.2.0)
      activerecord
      hashids

GEM
  remote: https://rubygems.org/
  specs:
    actionpack (7.0.5)
      actionview (= 7.0.5)
      activesupport (= 7.0.5)
      rack (~> 2.0, >= 2.2.4)
      rack-test (>= 0.6.3)
      rails-dom-testing (~> 2.0)
      rails-html-sanitizer (~> 1.0, >= 1.2.0)
    actionview (7.0.5)
      activesupport (= 7.0.5)
      builder (~> 3.1)
      erubi (~> 1.4)
      rails-dom-testing (~> 2.0)
      rails-html-sanitizer (~> 1.1, >= 1.2.0)
    activemodel (7.0.5)
      activesupport (= 7.0.5)
    activerecord (7.0.5)
      activemodel (= 7.0.5)
      activesupport (= 7.0.5)
    activesupport (7.0.5)
      concurrent-ruby (~> 1.0, >= 1.0.2)
      i18n (>= 1.6, < 2)
      minitest (>= 5.1)
      tzinfo (~> 2.0)
    ast (2.4.2)
    builder (3.2.4)
    byebug (11.1.3)
    codecov (0.6.0)
      simplecov (>= 0.15, < 0.22)
    coderay (1.1.3)
    concurrent-ruby (1.2.2)
    crass (1.0.6)
    database_cleaner (2.0.2)
      database_cleaner-active_record (>= 2, < 3)
    database_cleaner-active_record (2.1.0)
      activerecord (>= 5.a)
      database_cleaner-core (~> 2.0.0)
    database_cleaner-core (2.0.1)
    diff-lcs (1.5.0)
    docile (1.4.0)
    erubi (1.12.0)
    hashids (1.0.6)
    i18n (1.13.0)
      concurrent-ruby (~> 1.0)
    json (2.6.3)
    loofah (2.21.3)
      crass (~> 1.0.2)
      nokogiri (>= 1.12.0)
    method_source (1.0.0)
    mini_portile2 (2.8.2)
    minitest (5.18.0)
    nokogiri (1.15.2)
      mini_portile2 (~> 2.8.2)
      racc (~> 1.4)
    parallel (1.23.0)
    parser (3.2.2.1)
      ast (~> 2.4.1)
    pry (0.14.2)
      coderay (~> 1.1)
      method_source (~> 1.0)
    pry-byebug (3.10.1)
      byebug (~> 11.0)
      pry (>= 0.13, < 0.15)
    racc (1.6.2)
    rack (2.2.7)
    rack-test (2.1.0)
      rack (>= 1.3)
    rails-dom-testing (2.0.3)
      activesupport (>= 4.2.0)
      nokogiri (>= 1.6)
    rails-html-sanitizer (1.5.0)
      loofah (~> 2.19, >= 2.19.1)
    railties (7.0.5)
      actionpack (= 7.0.5)
      activesupport (= 7.0.5)
      method_source
      rake (>= 12.2)
      thor (~> 1.0)
      zeitwerk (~> 2.5)
    rainbow (3.1.1)
    rake (13.0.6)
    regexp_parser (2.8.0)
    rexml (3.2.5)
    rspec-core (3.12.2)
      rspec-support (~> 3.12.0)
    rspec-expectations (3.12.3)
      diff-lcs (>= 1.2.0, < 2.0)
      rspec-support (~> 3.12.0)
    rspec-mocks (3.12.5)
      diff-lcs (>= 1.2.0, < 2.0)
      rspec-support (~> 3.12.0)
    rspec-rails (6.0.2)
      actionpack (>= 6.1)
      activesupport (>= 6.1)
      railties (>= 6.1)
      rspec-core (~> 3.12)
      rspec-expectations (~> 3.12)
      rspec-mocks (~> 3.12)
      rspec-support (~> 3.12)
    rspec-support (3.12.0)
    rubocop (1.51.0)
      json (~> 2.3)
      parallel (~> 1.10)
      parser (>= 3.2.0.0)
      rainbow (>= 2.2.2, < 4.0)
      regexp_parser (>= 1.8, < 3.0)
      rexml (>= 3.2.5, < 4.0)
      rubocop-ast (>= 1.28.0, < 2.0)
      ruby-progressbar (~> 1.7)
      unicode-display_width (>= 2.4.0, < 3.0)
    rubocop-ast (1.28.1)
      parser (>= 3.2.1.0)
    rubocop-capybara (2.18.0)
      rubocop (~> 1.41)
    rubocop-factory_bot (2.23.1)
      rubocop (~> 1.33)
    rubocop-performance (1.18.0)
      rubocop (>= 1.7.0, < 2.0)
      rubocop-ast (>= 0.4.0)
    rubocop-rspec (2.22.0)
      rubocop (~> 1.33)
      rubocop-capybara (~> 2.17)
      rubocop-factory_bot (~> 2.22)
    ruby-progressbar (1.13.0)
    simplecov (0.21.2)
      docile (~> 1.1)
      simplecov-html (~> 0.11)
      simplecov_json_formatter (~> 0.1)
    simplecov-html (0.12.3)
    simplecov_json_formatter (0.1.4)
    sqlite3 (1.6.3)
      mini_portile2 (~> 2.8.0)
    thor (1.2.2)
    tzinfo (2.0.6)
      concurrent-ruby (~> 1.0)
    unicode-display_width (2.4.2)
    zeitwerk (2.6.8)

PLATFORMS
  ruby

DEPENDENCIES
  codecov
  database_cleaner
  idy!
  pry-byebug
  rspec-rails
  rubocop-performance
  rubocop-rspec
  sqlite3

BUNDLED WITH
   2.3.10
